PATH
  remote: .
  specs:
    rubysmith (3.8.1)
      cogger (~> 0.4)
      dry-container (~> 0.11)
      git_plus (~> 1.7)
      infusible (~> 0.2)
      milestoner (~> 14.5)
      pastel (~> 0.8)
      pragmater (~> 11.5)
      refinements (~> 9.7)
      rubocop (~> 1.35)
      runcom (~> 8.7)
      spek (~> 0.6)
      tocer (~> 14.5)
      zeitwerk (~> 2.6)

GEM
  remote: https://rubygems.org/
  specs:
    amazing_print (1.4.0)
    ast (2.4.2)
    coderay (1.1.3)
    cogger (0.4.0)
      pastel (~> 0.8)
      refinements (~> 9.7)
      zeitwerk (~> 2.6)
    concurrent-ruby (1.1.10)
    debug (1.6.3)
      irb (>= 1.3.6)
      reline (>= 0.3.1)
    diff-lcs (1.5.0)
    docile (1.4.0)
    dry-container (0.11.0)
      concurrent-ruby (~> 1.0)
    dry-core (1.0.0)
      concurrent-ruby (~> 1.0)
      zeitwerk (~> 2.6)
    dry-monads (1.6.0)
      concurrent-ruby (~> 1.0)
      dry-core (~> 1.0, < 2)
      zeitwerk (~> 2.6)
    ffi (1.15.5)
    formatador (1.1.0)
    git-lint (4.6.0)
      cogger (~> 0.4)
      dry-container (~> 0.11)
      git_plus (~> 1.7)
      infusible (~> 0.2)
      pastel (~> 0.8)
      refinements (~> 9.7)
      runcom (~> 8.7)
      spek (~> 0.6)
      zeitwerk (~> 2.6)
    git_plus (1.7.0)
      refinements (~> 9.7)
      zeitwerk (~> 2.6)
    guard (2.18.0)
      formatador (>= 0.2.4)
      listen (>= 2.7, < 4.0)
      lumberjack (>= 1.0.12, < 2.0)
      nenv (~> 0.1)
      notiffany (~> 0.0)
      pry (>= 0.13.0)
      shellany (~> 0.0)
      thor (>= 0.18.1)
    guard-compat (1.2.1)
    guard-rspec (4.7.3)
      guard (~> 2.1)
      guard-compat (~> 1.1)
      rspec (>= 2.99.0, < 4.0)
    infusible (0.2.0)
      marameters (~> 0.10)
      zeitwerk (~> 2.6)
    io-console (0.5.11)
    irb (1.4.2)
      reline (>= 0.3.0)
    json (2.6.3)
    kwalify (0.7.2)
    listen (3.7.1)
      rb-fsevent (~> 0.10, >= 0.10.3)
      rb-inotify (~> 0.9, >= 0.9.10)
    lumberjack (1.2.8)
    marameters (0.10.0)
      refinements (~> 9.7)
      zeitwerk (~> 2.6)
    method_source (1.0.0)
    milestoner (14.5.0)
      cogger (~> 0.4)
      dry-container (~> 0.11)
      git_plus (~> 1.7)
      infusible (~> 0.2)
      refinements (~> 9.7)
      runcom (~> 8.7)
      spek (~> 0.6)
      versionaire (~> 10.6)
      zeitwerk (~> 2.6)
    nenv (0.3.0)
    notiffany (0.1.3)
      nenv (~> 0.1)
      shellany (~> 0.0)
    parallel (1.23.0)
    parser (3.1.3.0)
      ast (~> 2.4.1)
    pastel (0.8.0)
      tty-color (~> 0.5)
    pragmater (11.5.0)
      cogger (~> 0.4)
      dry-container (~> 0.11)
      infusible (~> 0.2)
      refinements (~> 9.7)
      runcom (~> 8.7)
      spek (~> 0.6)
      zeitwerk (~> 2.6)
    pry (0.14.1)
      coderay (~> 1.1)
      method_source (~> 1.0)
    rainbow (3.1.1)
    rake (13.0.6)
    rb-fsevent (0.11.2)
    rb-inotify (0.10.1)
      ffi (~> 1.0)
    reek (6.1.1)
      kwalify (~> 0.7.0)
      parser (~> 3.1.0)
      rainbow (>= 2.0, < 4.0)
    refinements (9.7.1)
    regexp_parser (2.8.0)
    reline (0.3.1)
      io-console (~> 0.5)
    rexml (3.2.5)
    rspec (3.12.0)
      rspec-core (~> 3.12.0)
      rspec-expectations (~> 3.12.0)
      rspec-mocks (~> 3.12.0)
    rspec-core (3.12.0)
      rspec-support (~> 3.12.0)
    rspec-expectations (3.12.0)
      diff-lcs (>= 1.2.0, < 2.0)
      rspec-support (~> 3.12.0)
    rspec-mocks (3.12.0)
      diff-lcs (>= 1.2.0, < 2.0)
      rspec-support (~> 3.12.0)
    rspec-support (3.12.0)
    rubocop (1.42.0)
      json (~> 2.3)
      parallel (~> 1.10)
      parser (>= 3.1.2.1)
      rainbow (>= 2.2.2, < 4.0)
      regexp_parser (>= 1.8, < 3.0)
      rexml (>= 3.2.5, < 4.0)
      rubocop-ast (>= 1.24.1, < 2.0)
      ruby-progressbar (~> 1.7)
      unicode-display_width (>= 1.4.0, < 3.0)
    rubocop-ast (1.24.1)
      parser (>= 3.1.1.0)
    ruby-progressbar (1.13.0)
    runcom (8.7.0)
      refinements (~> 9.7)
      xdg (~> 6.6)
    runger_style (0.2.22)
      rubocop (>= 1.38.0, < 2)
    shellany (0.0.1)
    simplecov (0.21.2)
      docile (~> 1.1)
      simplecov-html (~> 0.11)
      simplecov_json_formatter (~> 0.1)
    simplecov-html (0.12.3)
    simplecov_json_formatter (0.1.4)
    spek (0.6.0)
      dry-monads (~> 1.5)
      refinements (~> 9.7)
      versionaire (~> 10.6)
      zeitwerk (~> 2.6)
    thor (1.2.1)
    tocer (14.5.0)
      cogger (~> 0.4)
      dry-container (~> 0.11)
      infusible (~> 0.2)
      refinements (~> 9.7)
      runcom (~> 8.7)
      spek (~> 0.6)
      zeitwerk (~> 2.6)
    tty-color (0.6.0)
    unicode-display_width (2.4.2)
    versionaire (10.6.0)
      refinements (~> 9.7)
    xdg (6.6.2)
    zeitwerk (2.6.6)

PLATFORMS
  ruby

DEPENDENCIES
  amazing_print (~> 1.4)
  debug (~> 1.6)
  git-lint (~> 4.0)
  guard-rspec (~> 4.7)
  rake (~> 13.0)
  reek (~> 6.1)
  rspec (~> 3.11)
  rubysmith!
  runger_style
  simplecov (~> 0.21)

RUBY VERSION
   ruby 3.2.2p53

BUNDLED WITH
   2.5.5
